GEM
  remote: http://rubygems.org/
  specs:
    addressable (2.2.4)
    blather (0.4.15)
      eventmachine (>= 0.12.6)
      nokogiri (>= 1.4.0)
    data_objects (0.10.3)
      addressable (~> 2.1)
    dm-core (1.0.2)
      addressable (~> 2.2)
      extlib (~> 0.9.15)
    dm-do-adapter (1.0.2)
      data_objects (~> 0.10.2)
      dm-core (~> 1.0.2)
    dm-migrations (1.0.2)
      dm-core (~> 1.0.2)
    dm-sqlite-adapter (1.0.2)
      dm-do-adapter (~> 1.0.2)
      do_sqlite3 (~> 0.10.2)
    do_sqlite3 (0.10.3)
      data_objects (= 0.10.3)
    eventmachine (0.12.10)
    extlib (0.9.15)
    nokogiri (1.4.4)

PLATFORMS
  ruby

DEPENDENCIES
  blather
  dm-core
  dm-migrations
  dm-sqlite-adapter
